GEM
  remote: https://rubygems.org/
  specs:
    pastie-api (0.2.1)

PLATFORMS
  ruby

DEPENDENCIES
  pastie-api
